PATH
  remote: .
  specs:
    diaspora-federation (0.0.1pre)
      ox (~> 2.0.4)
      valid (~> 0.3.1)

GEM
  remote: https://rubygems.org/
  specs:
    diff-lcs (1.2.4)
    ox (2.0.4)
    rake (10.1.0)
    rspec (2.13.0)
      rspec-core (~> 2.13.0)
      rspec-expectations (~> 2.13.0)
      rspec-mocks (~> 2.13.0)
    rspec-core (2.13.1)
    rspec-expectations (2.13.0)
      diff-lcs (>= 1.1.3, < 2.0)
    rspec-mocks (2.13.1)
    valid (0.3.1)

PLATFORMS
  ruby

DEPENDENCIES
  diaspora-federation!
  rake (= 10.1.0)
  rspec (= 2.13.0)
